PATH
  remote: .
  specs:
    proby_notifier (1.0.0)

GEM
  remote: http://rubygems.org/
  specs:
    bluecloth (2.1.0)
    fakeweb (1.3.0)
    rake (0.8.7)
    shoulda (2.11.3)
    yard (0.6.8)

PLATFORMS
  ruby

DEPENDENCIES
  bluecloth (~> 2.1.0)
  bundler (~> 1.0.0)
  fakeweb (~> 1.3.0)
  proby_notifier!
  rake (~> 0.8.7)
  shoulda (~> 2.11.3)
  yard (~> 0.6.4)
